GEM
  remote: https://www.rubygems.org/
  specs:
    ffi (1.15.0)
    sys-uptime (0.7.5)
      ffi (~> 1.1)

PLATFORMS
  x86_64-darwin-19

DEPENDENCIES
  sys-uptime

BUNDLED WITH
   2.2.3
